GIT
  remote: git://github.com/pauldix/feedzirra.git
  revision: dee1454980e7b93022776cd047ad419da3999332
  specs:
    feedzirra (0.1.1)
      activesupport (>= 3.0.8)
      builder (>= 2.1.2)
      curb (~> 0.7.15)
      i18n (>= 0.5.0)
      loofah (~> 1.2.0)
      nokogiri (>= 1.4.4)
      rake (>= 0.8.7)
      rdoc (~> 3.8)
      sax-machine (~> 0.1.0)

GEM
  remote: http://rubygems.org/
  specs:
    activemodel (3.2.1)
      activesupport (= 3.2.1)
      builder (~> 3.0.0)
    activesupport (3.2.1)
      i18n (~> 0.6)
      multi_json (~> 1.0)
    backports (2.3.0)
    bson (1.5.2)
    builder (3.0.0)
    chronic (0.6.7)
    coderay (1.0.5)
    curb (0.7.18)
    diff-lcs (1.1.3)
    eventmachine (0.12.10)
    fattr (2.2.0)
    git (1.2.5)
    grit (2.4.1)
      diff-lcs (~> 1.1)
      mime-types (~> 1.15)
    haml (3.1.4)
    highline (1.6.11)
    i18n (0.6.0)
    jeweler (1.8.3)
      bundler (~> 1.0)
      git (>= 1.2.5)
      rake
      rdoc
    jslint_on_rails (1.0.6)
    json (1.6.5)
    kgio (2.7.2)
    loofah (1.2.0)
      nokogiri (>= 1.4.4)
    method_source (0.7.0)
    mime-types (1.17.2)
    mongo (1.5.2)
      bson (= 1.5.2)
    mongoid (2.4.4)
      activemodel (~> 3.1)
      mongo (~> 1.3)
      tzinfo (~> 0.3.22)
    multi_json (1.0.4)
    nokogiri (1.5.0)
    open4 (1.3.0)
    options (2.3.0)
      fattr
    progress_bar (0.3.4)
      highline (~> 1.6.1)
      options (~> 2.3.0)
    pry (0.9.8.2)
      coderay (~> 1.0.5)
      method_source (~> 0.7)
      slop (>= 2.4.4, < 3)
    rack (1.4.1)
    rack-protection (1.2.0)
      rack
    rack-test (0.6.1)
      rack (>= 1.0)
    rainbow (1.1.1)
    raindrops (0.8.0)
    rake (0.9.2.2)
    rdoc (3.12)
      json (~> 1.4)
    rspec (2.8.0)
      rspec-core (~> 2.8.0)
      rspec-expectations (~> 2.8.0)
      rspec-mocks (~> 2.8.0)
    rspec-core (2.8.0)
    rspec-expectations (2.8.0)
      diff-lcs (~> 1.1.2)
    rspec-mocks (2.8.0)
    sax-machine (0.1.0)
      nokogiri (> 0.0.0)
    shotgun (0.9)
      rack (>= 1.0)
    simplecov (0.5.4)
      multi_json (~> 1.0.3)
      simplecov-html (~> 0.5.3)
    simplecov-html (0.5.3)
    sinatra (1.3.2)
      rack (~> 1.3, >= 1.3.6)
      rack-protection (~> 1.2)
      tilt (~> 1.3, >= 1.3.3)
    sinatra-contrib (1.3.1)
      backports (>= 2.0)
      eventmachine
      rack-protection
      rack-test
      sinatra (~> 1.3.0)
      tilt (~> 1.3)
    slop (2.4.4)
    syntaxer (0.5.1)
      git
      highline
      jslint_on_rails (>= 1.0.6)
      progress_bar
      rainbow
    tilt (1.3.3)
    tzinfo (0.3.31)
    unicorn (4.2.0)
      kgio (~> 2.6)
      rack
      raindrops (~> 0.7)
    whenever (0.7.2)
      activesupport (>= 2.3.4)
      chronic (~> 0.6.3)
    yard (0.7.5)

PLATFORMS
  ruby

DEPENDENCIES
  bson (~> 1.5.2)
  bundler (~> 1.0.0)
  feedzirra!
  grit
  haml
  jeweler (~> 1.8.3)
  mongo (~> 1.5.2)
  mongoid (~> 2.4.3)
  open4 (~> 1.3.0)
  pry
  rack-protection (= 1.2.0)
  rdoc (~> 3.12)
  rspec (~> 2.8.0)
  shotgun
  simplecov
  sinatra
  sinatra-contrib
  syntaxer
  unicorn
  whenever
  yard (~> 0.7)
